GEM
  remote: http://rubygems.org/
  specs:
    addressable (2.5.2)
      public_suffix (>= 2.0.2, < 4.0)
    builder (3.2.3)
    debase (0.2.2)
      debase-ruby_core_source (>= 0.10.2)
    debase-ruby_core_source (0.10.3)
    diff-lcs (1.1.3)
    faraday (0.8.11)
      multipart-post (~> 1.2.0)
    git (1.11.0)
      rchardet (~> 1.8)
    github_api (0.10.1)
      addressable
      faraday (~> 0.8.1)
      hashie (>= 1.2)
      multi_json (~> 1.4)
      nokogiri (~> 1.5.2)
      oauth2
    guard (0.8.8)
      thor (~> 0.14.6)
    guard-bundler (0.1.3)
      bundler (>= 1.0.0)
      guard (>= 0.2.2)
    guard-rspec (0.5.11)
      guard (>= 0.8.4)
    guard-shell (0.4.0)
      guard (>= 0.2.0)
    hashie (3.5.6)
    highline (1.7.10)
    jeweler (1.8.8)
      builder
      bundler (~> 1.0)
      git (>= 1.2.5)
      github_api (= 0.10.1)
      highline (>= 1.6.15)
      nokogiri (= 1.5.10)
      rake
      rdoc
    json (1.8.6)
    jwt (1.5.6)
    libv8 (3.16.14.19)
    logem (0.4.0)
    multi_json (1.12.2)
    multi_xml (0.6.0)
    multipart-post (1.2.0)
    nokogiri (1.5.10)
    oauth2 (1.4.0)
      faraday (>= 0.8, < 0.13)
      jwt (~> 1.0)
      multi_json (~> 1.3)
      multi_xml (~> 0.5)
      rack (>= 1.2, < 3)
    public_suffix (3.0.1)
    rack (2.0.3)
    rake (12.3.0)
    rb-fsevent (0.10.2)
    rchardet (1.8.0)
    rdoc (3.12.2)
      json (~> 1.4)
    ref (2.0.0)
    rspec (2.8.0)
      rspec-core (~> 2.8.0)
      rspec-expectations (~> 2.8.0)
      rspec-mocks (~> 2.8.0)
    rspec-core (2.8.0)
    rspec-expectations (2.8.0)
      diff-lcs (~> 1.1.2)
    rspec-mocks (2.8.0)
    ruby-debug-ide (0.6.0)
      rake (>= 0.8.1)
    therubyracer (0.12.3)
      libv8 (~> 3.16.14.15)
      ref
    thor (0.14.6)

PLATFORMS
  ruby

DEPENDENCIES
  bundler
  debase (~> 0.2.2)
  guard (~> 0.8.4)
  guard-bundler (~> 0.1.3)
  guard-rspec (~> 0.5.2)
  guard-shell (~> 0.4.0)
  jeweler (~> 1.8.4)
  logem
  rb-fsevent (>= 0.4.3.1)
  rdoc (~> 3.12)
  rspec (~> 2.8.0)
  ruby-debug-ide (~> 0.6.0)
  therubyracer

RUBY VERSION
   ruby 2.4.1p111

BUNDLED WITH
   1.17.1
